GEM
  remote: https://rubygems.org/
  specs:
    minitest (5.11.3)
    ruby-prof (0.17.0)

PLATFORMS
  x86-mingw32

DEPENDENCIES
  minitest
  ruby-prof

BUNDLED WITH
   1.16.3
